PATH
  remote: /Volumes/Home/code/luvwrapper
  specs:
    luvwrapper (0.3.0)
      json-schema (~> 2.7)
      rest-client (~> 2.0)

GEM
  remote: https://rubygems.org/
  specs:
    addressable (2.5.1)
      public_suffix (~> 2.0, >= 2.0.2)
    commander (4.4.1)
      highline (~> 1.7.2)
    domain_name (0.5.20170404)
      unf (>= 0.0.5, < 1.0.0)
    dotenv (2.1.2)
    highline (1.7.8)
    http-cookie (1.0.3)
      domain_name (~> 0.5)
    json-schema (2.8.0)
      addressable (>= 2.4)
    mail (2.6.4)
      mime-types (>= 1.16, < 4)
    mime-types (3.1)
      mime-types-data (~> 3.2015)
    mime-types-data (3.2016.0521)
    netrc (0.11.0)
    pony (1.11)
      mail (>= 2.0)
    public_suffix (2.0.5)
    rest-client (2.0.2)
      http-cookie (>= 1.0.2, < 2.0)
      mime-types (>= 1.16, < 4.0)
      netrc (~> 0.8)
    unf (0.1.4)
      unf_ext
    unf_ext (0.0.7.4)

PLATFORMS
  ruby

DEPENDENCIES
  commander (~> 4.4)
  dotenv (~> 2.1)
  luvwrapper (~> 0.3)!
  pony (~> 1.11)

BUNDLED WITH
   1.15.0
